PATH
  remote: .
  specs:
    rocks (0.0.5)
      sass (>= 3.1)

GEM
  remote: http://rubygems.org/
  specs:
    sass (3.1.20)

PLATFORMS
  ruby

DEPENDENCIES
  rocks!
